GEM
  remote: http://rubygems.org/
  specs:
    json (1.7.5)
    logger (1.2.8)
    redis (3.0.2)

PLATFORMS
  ruby

DEPENDENCIES
  json
  logger
  redis
